PATH
  remote: .
  specs:
    ripplr (0.0.2.beta)
      ripple (>= 0.9.5)

GEM
  remote: http://rubygems.org/
  specs:
    activemodel (3.0.5)
      activesupport (= 3.0.5)
      builder (~> 2.1.2)
      i18n (~> 0.4)
    activesupport (3.0.5)
    beefcake (0.3.2)
    builder (2.1.2)
    coderay (1.0.7)
    diff-lcs (1.1.3)
    i18n (0.6.1)
    method_source (0.8)
    pry (0.9.10)
      coderay (~> 1.0.5)
      method_source (~> 0.8)
      slop (~> 3.3.1)
    rake (0.9.2.2)
    riak-client (0.9.8)
      beefcake (= 0.3.2)
      builder (~> 2.1.2)
      i18n (>= 0.4.0)
    ripple (0.9.5)
      activemodel (~> 3.0.0)
      activesupport (~> 3.0.0)
      riak-client (~> 0.9.5)
    rspec (2.11.0)
      rspec-core (~> 2.11.0)
      rspec-expectations (~> 2.11.0)
      rspec-mocks (~> 2.11.0)
    rspec-core (2.11.1)
    rspec-expectations (2.11.3)
      diff-lcs (~> 1.1.3)
    rspec-given (1.6.0)
      rspec (> 1.2.8)
    rspec-mocks (2.11.2)
    slop (3.3.3)

PLATFORMS
  ruby

DEPENDENCIES
  pry
  rake
  ripple (~> 0.9.5)
  ripplr!
  rspec-given
